GIT
  remote: git@github.com:elliottkember/amp.git
  revision: 3874a729fd61b00287b3ac897fd7e7080518f737
  specs:
    amp (0.11)

GIT
  remote: git@github.com:haml/haml.git
  revision: 0f7d01a036973c6b21cca655170545353347565c
  branch: stable
  specs:
    haml (4.0.5)
      tilt

GEM
  remote: https://rubygems.org/
  specs:
    activesupport (3.2.16)
      i18n (~> 0.6, >= 0.6.4)
      multi_json (~> 1.0)
    bourbon (3.1.8)
      sass (>= 3.2.0)
      thor
    coffee-script (2.2.0)
      coffee-script-source
      execjs
    coffee-script-source (1.6.3)
    eco (1.0.0)
      coffee-script
      eco-source
      execjs
    eco-source (1.1.0.rc.1)
    ejs (1.1.1)
    execjs (2.0.2)
    i18n (0.6.9)
    json_pure (1.8.1)
    kramdown (1.3.1)
    metaclass (0.0.2)
    mocha (0.14.0)
      metaclass (~> 0.0.1)
    multi_json (1.8.4)
    parallel (1.0.0)
    parallel_tests (0.16.10)
      parallel
    plist (3.1.0)
    rake (10.1.1)
    sass (3.2.14)
    shoulda (3.5.0)
      shoulda-context (~> 1.0, >= 1.0.1)
      shoulda-matchers (>= 1.4.1, < 3.0)
    shoulda-context (1.1.6)
    shoulda-matchers (2.0.0)
      activesupport (>= 3.0.0)
    test-unit (2.5.5)
    thor (0.18.1)
    tilt (2.0.1)
    uglifier (2.1.2)
      execjs (>= 0.3.0)
      multi_json (~> 1.0, >= 1.0.2)

PLATFORMS
  ruby

DEPENDENCIES
  activesupport (< 4.0.0)
  amp!
  bourbon
  bundler
  coffee-script (~> 2.2.0)
  eco
  ejs
  execjs
  haml!
  json_pure (~> 1.8.0)
  kramdown
  mocha (= 0.14.0)
  parallel_tests
  plist
  rake
  sass (~> 3.2.12)
  shoulda
  shoulda-matchers (< 2.1.0)
  test-unit
  uglifier (= 2.1.2)
