GEM
  remote: https://rubygems.org/
  specs:
    activesupport (3.2.14)
      i18n (~> 0.6, >= 0.6.4)
      multi_json (~> 1.0)
    aws-s3 (0.6.3)
      builder
      mime-types
      xml-simple
    bourbon (3.1.8)
      sass (>= 3.2.0)
      thor
    builder (3.2.2)
    coffee-script (2.2.0)
      coffee-script-source
      execjs
    coffee-script-source (1.6.3)
    eco (1.0.0)
      coffee-script
      eco-source
      execjs
    eco-source (1.1.0.rc.1)
    ejs (1.1.1)
    execjs (1.4.0)
      multi_json (~> 1.0)
    haml (4.0.3)
      tilt
    i18n (0.6.4)
    json_pure (1.8.0)
    kramdown (1.1.0)
    metaclass (0.0.1)
    mime-types (1.23)
    mocha (0.14.0)
      metaclass (~> 0.0.1)
    multi_json (1.7.8)
    plist (3.1.0)
    rake (10.1.0)
    sass (3.2.12)
    shoulda (3.5.0)
      shoulda-context (~> 1.0, >= 1.0.1)
      shoulda-matchers (>= 1.4.1, < 3.0)
    shoulda-context (1.1.4)
    shoulda-matchers (2.0.0)
      activesupport (>= 3.0.0)
    thor (0.18.1)
    tilt (1.4.1)
    uglifier (2.1.2)
      execjs (>= 0.3.0)
      multi_json (~> 1.0, >= 1.0.2)
    xml-simple (1.1.2)

PLATFORMS
  ruby

DEPENDENCIES
  activesupport (< 4.0.0)
  aws-s3
  bourbon
  coffee-script (~> 2.2.0)
  eco
  ejs
  haml (~> 4.0.3)
  json_pure (~> 1.8.0)
  kramdown
  mocha
  plist
  rake
  sass (~> 3.2.12)
  shoulda
  shoulda-matchers (< 2.1.0)
  uglifier
