GEM
  remote: https://rubygems.org/
  specs:
    activesupport (3.2.14)
      i18n (~> 0.6, >= 0.6.4)
      multi_json (~> 1.0)
    bourbon (3.1.8)
      sass (>= 3.2.0)
      thor
    bourne (1.1.2)
      mocha (= 0.10.5)
    coffee-script (2.2.0)
      coffee-script-source
      execjs
    coffee-script-source (1.5.0)
    eco (1.0.0)
      coffee-script
      eco-source
      execjs
    eco-source (1.1.0.rc.1)
    ejs (1.1.1)
    execjs (1.4.0)
      multi_json (~> 1.0)
    haml (4.0.3)
      tilt
    i18n (0.6.4)
    json (1.7.7)
    kramdown (1.0.2)
    metaclass (0.0.1)
    mocha (0.10.5)
      metaclass (~> 0.0.1)
    multi_json (1.5.0)
    plist (3.1.0)
    rake (10.1.0)
    sass (3.2.9)
    shoulda (3.3.2)
      shoulda-context (~> 1.0.1)
      shoulda-matchers (~> 1.4.1)
    shoulda-context (1.0.2)
    shoulda-matchers (1.4.2)
      activesupport (>= 3.0.0)
      bourne (~> 1.1.2)
    thor (0.18.1)
    tilt (1.4.1)
    uglifier (2.1.1)
      execjs (>= 0.3.0)
      multi_json (~> 1.0, >= 1.0.2)

PLATFORMS
  ruby

DEPENDENCIES
  activesupport (< 4.0.0)
  bourbon
  coffee-script (~> 2.2.0)
  coffee-script-source (~> 1.5.0)
  eco
  ejs
  haml (~> 4.0.3)
  json (~> 1.7.7)
  kramdown (~> 1.0.2)
  multi_json (= 1.5.0)
  plist
  rake
  sass (= 3.2.9)
  shoulda (= 3.3.2)
  shoulda-context (= 1.0.2)
  shoulda-matchers (= 1.4.2)
  uglifier (= 2.1.1)
