GIT
  remote: https://github.com/elliottkember/amp.git
  revision: fe4b91828c99ec172b667f7638b6eb617d500c04
  specs:
    amp (0.11)

GIT
  remote: https://github.com/haml/haml.git
  revision: 99cf4e6a28b0c3bfa35f5e90db4242d0a147d952
  branch: stable
  specs:
    haml (4.0.7)
      tilt

GEM
  remote: https://rubygems.org/
  specs:
    activesupport (3.2.22)
      i18n (~> 0.6, >= 0.6.4)
      multi_json (~> 1.0)
    autoprefixer-rails (6.0.3)
      execjs
      json
    bourbon (4.2.4)
      sass (~> 3.4)
      thor (~> 0.19)
    coffee-script (2.2.0)
      coffee-script-source
      execjs
    coffee-script-source (1.9.1.1)
    eco (1.0.0)
      coffee-script
      eco-source
      execjs
    eco-source (1.1.0.rc.1)
    ejs (1.1.1)
    execjs (2.0.2)
    i18n (0.7.0)
    json (1.8.3)
    json_pure (1.8.2)
    kramdown (1.3.1)
    metaclass (0.0.4)
    mocha (0.14.0)
      metaclass (~> 0.0.1)
    multi_json (1.11.2)
    neat (1.7.0)
      bourbon (>= 4.0)
      sass (>= 3.3)
    parallel (1.6.1)
    plist (3.1.0)
    rake (10.4.2)
    sass (3.4.17)
    shoulda (3.5.0)
      shoulda-context (~> 1.0, >= 1.0.1)
      shoulda-matchers (>= 1.4.1, < 3.0)
    shoulda-context (1.2.1)
    shoulda-matchers (2.0.0)
      activesupport (>= 3.0.0)
    slim (3.0.6)
      temple (~> 0.7.3)
      tilt (>= 1.3.3, < 2.1)
    temple (0.7.6)
    test-unit (2.5.5)
    thor (0.19.1)
    tilt (2.0.1)
    uglifier (2.1.2)
      execjs (>= 0.3.0)
      multi_json (~> 1.0, >= 1.0.2)

PLATFORMS
  ruby

DEPENDENCIES
  activesupport (< 4.0.0)
  amp!
  autoprefixer-rails
  bourbon
  bundler
  coffee-script (~> 2.2.0)
  eco
  ejs
  execjs (= 2.0.2)
  haml!
  json_pure (~> 1.8.0)
  kramdown (= 1.3.1)
  mocha (= 0.14.0)
  neat (= 1.7.0)
  parallel
  plist
  rake
  sass
  shoulda
  shoulda-matchers (< 2.1.0)
  slim
  test-unit
  uglifier (= 2.1.2)

BUNDLED WITH
   1.10.6
