GIT
  remote: git@github.com:elliottkember/amp.git
  revision: 7da513c8521f04db14b29df074fba1855f0b7b87
  specs:
    amp (0.1)

GIT
  remote: git@github.com:robwierzbowski/bourbon.git
  revision: a199a965ef9a690583ed6acfbac16677228a0ba0
  ref: a199a965ef9a690583ed6acfbac16677228a0ba0
  specs:
    bourbon (3.1.8)
      sass (>= 3.2.0)
      thor

GEM
  remote: https://rubygems.org/
  specs:
    ZenTest (4.9.5)
    activesupport (3.2.16)
      i18n (~> 0.6, >= 0.6.4)
      multi_json (~> 1.0)
    autotest (4.4.6)
      ZenTest (>= 4.4.1)
    autotest-fsevent (0.2.9)
      sys-uname
    autotest-growl (0.2.16)
    aws-s3 (0.6.3)
      builder
      mime-types
      xml-simple
    builder (3.2.2)
    coffee-script (2.2.0)
      coffee-script-source
      execjs
    coffee-script-source (1.6.3)
    eco (1.0.0)
      coffee-script
      eco-source
      execjs
    eco-source (1.1.0.rc.1)
    ejs (1.1.1)
    execjs (2.0.2)
    ffi (1.9.3)
    haml (4.0.5)
      tilt
    i18n (0.6.9)
    json (1.8.1)
    json_pure (1.8.1)
    kramdown (1.3.1)
    metaclass (0.0.2)
    mime-types (2.0)
    mocha (1.0.0)
      metaclass (~> 0.0.1)
    multi_json (1.8.4)
    plist (3.1.0)
    rake (10.1.1)
    sass (3.2.13)
    shoulda (3.5.0)
      shoulda-context (~> 1.0, >= 1.0.1)
      shoulda-matchers (>= 1.4.1, < 3.0)
    shoulda-context (1.1.6)
    shoulda-matchers (2.0.0)
      activesupport (>= 3.0.0)
    sys-uname (0.9.2)
      ffi (>= 1.0.0)
    test-unit (2.5.5)
    thor (0.18.1)
    tilt (2.0.0)
    uglifier (2.4.0)
      execjs (>= 0.3.0)
      json (>= 1.8.0)
    xml-simple (1.1.3)

PLATFORMS
  ruby

DEPENDENCIES
  activesupport (< 4.0.0)
  amp!
  autotest
  autotest-fsevent
  autotest-growl
  aws-s3
  bourbon!
  coffee-script (~> 2.2.0)
  eco
  ejs
  execjs
  haml (~> 4.0.3)
  json_pure (~> 1.8.0)
  kramdown
  mocha
  plist
  rake
  sass (~> 3.2.12)
  shoulda
  shoulda-matchers (< 2.1.0)
  test-unit
  uglifier
